PATH
  remote: .
  specs:
    bluzelle (0.1.0)
      bip_mnemonic
      bitcoin-ruby
      money-tree
      openssl

GEM
  remote: https://rubygems.org/
  specs:
    bip_mnemonic (0.0.4)
    bitcoin-ruby (0.0.20)
      eventmachine
      ffi
      scrypt
    diff-lcs (1.3)
    eventmachine (1.2.7)
    ffi (1.12.2)
    ffi-compiler (1.0.1)
      ffi (>= 1.0.0)
      rake
    ipaddr (1.2.2)
    money-tree (0.10.0)
      ffi
    openssl (2.1.2)
      ipaddr
    rake (12.3.3)
    rspec (3.9.0)
      rspec-core (~> 3.9.0)
      rspec-expectations (~> 3.9.0)
      rspec-mocks (~> 3.9.0)
    rspec-core (3.9.1)
      rspec-support (~> 3.9.1)
    rspec-expectations (3.9.1)
      diff-lcs (>= 1.2.0, < 2.0)
      rspec-support (~> 3.9.0)
    rspec-mocks (3.9.1)
      diff-lcs (>= 1.2.0, < 2.0)
      rspec-support (~> 3.9.0)
    rspec-support (3.9.2)
    scrypt (3.0.7)
      ffi-compiler (>= 1.0, < 2.0)

PLATFORMS
  ruby

DEPENDENCIES
  bluzelle!
  rake (~> 12.0)
  rspec (~> 3.0)

BUNDLED WITH
   2.1.4
